GEM
  remote: https://rubygems.org/
  specs:
    benchmark-ips (2.8.4)
    benchmark-memory (0.1.2)
      memory_profiler (~> 0.9)
    bit-twiddle (0.1.1)
    byebug (11.1.3)
    ffi (1.15.4)
    memory_profiler (0.9.14)

PLATFORMS
  x86_64-darwin-19

DEPENDENCIES
  benchmark-ips (~> 2.8.0)
  benchmark-memory (~> 0.1.2)
  bit-twiddle
  byebug
  ffi

RUBY VERSION
   ruby 3.0.1p64

BUNDLED WITH
   2.2.15
